GEM
  remote: http://rubygems.org/
  specs:
    haml (4.0.5)
      tilt
    rack (1.6.5)
    rack-protection (1.5.3)
      rack
    sass (3.4.23)
    shotgun (0.9.2)
      rack (>= 1.0)
    sinatra (1.4.7)
      rack (~> 1.5)
      rack-protection (~> 1.4)
      tilt (>= 1.3, < 3)
    tilt (2.0.6)

PLATFORMS
  ruby

DEPENDENCIES
  haml
  rack (< 2.0)
  sass
  shotgun
  sinatra

BUNDLED WITH
   1.13.6
